GEM
  remote: http://rubygems.org/
  specs:
    configliere (0.4.8)
      json
    git (1.2.5)
    highline (1.5.2)
    jeweler (1.6.4)
      bundler (~> 1.0)
      git (>= 1.2.5)
      rake
    json (1.6.5)
    rake (0.9.2.2)
    shoulda (2.11.3)

PLATFORMS
  ruby

DEPENDENCIES
  bundler (~> 1.0.0)
  configliere
  highline
  jeweler (~> 1.6.4)
  shoulda
